GEM
  remote: https://rubygems.org/
  specs:
    optimist (3.0.0)

PLATFORMS
  ruby

DEPENDENCIES
  optimist

BUNDLED WITH
   2.0.1
